PATH
  remote: .
  specs:
    net-ssh-xlogin (0.2.4)
      bcrypt_pbkdf
      ed25519
      net-ssh
      net-ssh-telnet

GEM
  remote: https://rubygems.org/
  specs:
    bcrypt_pbkdf (1.0.1)
    ed25519 (1.2.4)
    net-ssh (5.2.0)
    net-ssh-telnet (0.2.1)
      net-ssh (>= 2.0.1)
    rake (10.5.0)

PLATFORMS
  ruby

DEPENDENCIES
  bundler (~> 1.17)
  net-ssh-xlogin!
  rake (~> 10.0)

BUNDLED WITH
   1.17.2
