PATH
  remote: .
  specs:
    net-ssh-xlogin (0.1.0)
      net-ssh (~> 5.2.0)

GEM
  remote: https://rubygems.org/
  specs:
    net-ssh (5.2.0)
    rake (10.5.0)

PLATFORMS
  ruby

DEPENDENCIES
  bundler (~> 1.17)
  net-ssh-xlogin!
  rake (~> 10.0)

BUNDLED WITH
   1.17.2
